GEM
  remote: http://rubygems.org/
  specs:
    addressable (2.7.0)
      public_suffix (>= 2.0.2, < 5.0)
    ast (2.4.0)
    childprocess (3.0.0)
    coderay (1.1.2)
    diff-lcs (1.3)
    dotenv (2.7.5)
    jaro_winkler (1.5.4)
    launchy (2.5.0)
      addressable (~> 2.7)
    method_source (1.0.0)
    nokogiri (1.11.4-x64-mingw32)
      racc (~> 1.4)
    nokogiri (1.11.4-x86_64-linux)
      racc (~> 1.4)
    parallel (1.19.1)
    parser (2.7.1.1)
      ast (~> 2.4.0)
    pry (0.13.1)
      coderay (~> 1.1)
      method_source (~> 1.0)
    public_suffix (4.0.4)
    racc (1.5.2)
    rainbow (3.0.0)
    regexp_parser (1.7.0)
    rexml (3.2.4)
    rspec (3.9.0)
      rspec-core (~> 3.9.0)
      rspec-expectations (~> 3.9.0)
      rspec-mocks (~> 3.9.0)
    rspec-core (3.9.1)
      rspec-support (~> 3.9.1)
    rspec-expectations (3.9.1)
      diff-lcs (>= 1.2.0, < 2.0)
      rspec-support (~> 3.9.0)
    rspec-mocks (3.9.1)
      diff-lcs (>= 1.2.0, < 2.0)
      rspec-support (~> 3.9.0)
    rspec-support (3.9.2)
    rubocop (0.82.0)
      jaro_winkler (~> 1.5.1)
      parallel (~> 1.10)
      parser (>= 2.7.0.1)
      rainbow (>= 2.2.2, < 4.0)
      rexml
      ruby-progressbar (~> 1.7)
      unicode-display_width (>= 1.4.0, < 2.0)
    ruby-progressbar (1.10.1)
    rubyzip (2.3.0)
    selenium-webdriver (3.142.7)
      childprocess (>= 0.5, < 4.0)
      rubyzip (>= 1.2.2)
    unicode-display_width (1.7.0)
    watir (6.16.5)
      regexp_parser (~> 1.2)
      selenium-webdriver (~> 3.6)

PLATFORMS
  x64-mingw32
  x86_64-linux

DEPENDENCIES
  dotenv
  launchy
  nokogiri
  pry
  rspec
  rubocop
  watir

RUBY VERSION
   ruby 2.6.6p146

BUNDLED WITH
   2.1.4
